PATH
  remote: .
  specs:
    oauth-plugin (0.4.0.pre5)
      multi_json
      oauth (~> 0.4.4)
      oauth2
      rack

GEM
  remote: http://rubygems.org/
  specs:
    addressable (2.2.4)
    configuration (1.2.0)
    diff-lcs (1.1.2)
    fakeweb (1.3.0)
    faraday (0.5.7)
      addressable (~> 2.2.4)
      multipart-post (~> 1.1.0)
      rack (< 2, >= 1.1.0)
    fuubar (0.0.3)
      rspec (~> 2.0)
      rspec-instafail (~> 0.1.4)
      ruby-progressbar (~> 0.0.9)
    growl (1.0.3)
    guard (0.2.2)
      open_gem (~> 1.4.2)
      thor (~> 0.14.3)
    guard-rspec (0.1.9)
      guard (>= 0.2.2)
    launchy (0.3.7)
      configuration (>= 0.0.5)
      rake (>= 0.8.1)
    multi_json (0.0.5)
    multi_xml (0.2.0)
    multipart-post (1.1.0)
    oauth (0.4.4)
    oauth2 (0.1.1)
      faraday (~> 0.5.0)
      multi_json (~> 0.0.4)
    open_gem (1.4.2)
      launchy (~> 0.3.5)
    opentransact (0.1.0)
      multi_json
      multi_xml
      oauth (~> 0.4.4)
    rack (1.2.1)
    rack-test (0.5.6)
      rack (>= 1.0)
    rake (0.8.7)
    rspec (2.4.0)
      rspec-core (~> 2.4.0)
      rspec-expectations (~> 2.4.0)
      rspec-mocks (~> 2.4.0)
    rspec-core (2.4.0)
    rspec-expectations (2.4.0)
      diff-lcs (~> 1.1.2)
    rspec-instafail (0.1.5)
    rspec-mocks (2.4.0)
    ruby-progressbar (0.0.9)
    thor (0.14.6)

PLATFORMS
  ruby

DEPENDENCIES
  fakeweb
  fuubar
  growl
  guard-rspec
  oauth-plugin!
  opentransact
  rack-test
  rspec (~> 2.4.0)
